GEM
  remote: http://rubygems.org/
  specs:
    aws-s3 (0.6.3)
      builder
      mime-types
      xml-simple
    builder (3.1.4)
    diff-lcs (1.1.3)
    em-ftpd (0.0.1)
      eventmachine (~> 1.0.0.beta1)
    eventmachine (1.0.0-x86-mingw32)
    mime-types (1.19)
    rspec (2.11.0)
      rspec-core (~> 2.11.0)
      rspec-expectations (~> 2.11.0)
      rspec-mocks (~> 2.11.0)
    rspec-core (2.11.1)
    rspec-expectations (2.11.3)
      diff-lcs (~> 1.1.3)
    rspec-mocks (2.11.3)
    vfs (0.4.8)
    xml-simple (1.1.2)

PLATFORMS
  x86-mingw32

DEPENDENCIES
  aws-s3
  em-ftpd
  rspec
  vfs
